GEM
  remote: http://rubygems.org/
  specs:
    chunky_png (1.2.9)
    compass (0.12.2)
      chunky_png (~> 1.2)
      fssm (>= 0.2.7)
      sass (~> 3.1)
    fssm (0.2.10)
    oily_png (1.1.0)
      chunky_png (~> 1.2.7)
    sass (3.2.12)

PLATFORMS
  ruby
  x86-mingw32

DEPENDENCIES
  chunky_png
  compass
  oily_png
